GEM
  remote: http://rubygems.org/
  specs:
    active_support (3.0.0)
      activesupport (= 3.0.0)
    activesupport (3.0.0)
    builder (3.0.0)
    i18n (0.6.0)
    json (1.6.5)
    multi_json (1.0.4)
    nokogiri (1.5.0)
    rabl (0.5.3)
      activesupport (>= 2.3.14)
      multi_json (~> 1.0.3)
    rack (1.4.1)
    rack-protection (1.2.0)
      rack
    rake (0.9.2.2)
    sequel (3.32.0)
    sinatra (1.3.2)
      rack (~> 1.3, >= 1.3.6)
      rack-protection (~> 1.2)
      tilt (~> 1.3, >= 1.3.3)
    sqlite3 (1.3.5)
    tilt (1.3.3)
    yajl-ruby (1.1.0)

PLATFORMS
  ruby

DEPENDENCIES
  active_support
  builder
  i18n
  json
  nokogiri
  rabl
  rake
  sequel
  sinatra
  sqlite3
  yajl-ruby
